GEM
  remote: https://rubygems.org/
  specs:
    activemodel (5.1.4)
      activesupport (= 5.1.4)
    activemodel-serializers-xml (1.0.2)
      activemodel (> 5.x)
      activesupport (> 5.x)
      builder (~> 3.1)
    activeresource (5.0.0)
      activemodel (>= 5.0, < 6)
      activemodel-serializers-xml (~> 1.0)
      activesupport (>= 5.0, < 6)
    activesupport (5.1.4)
      concurrent-ruby (~> 1.0, >= 1.0.2)
      i18n (~> 0.7)
      minitest (~> 5.1)
      tzinfo (~> 1.1)
    awesome_print (1.8.0)
    builder (3.2.3)
    coderay (1.1.2)
    concurrent-ruby (1.0.5)
    dotenv (2.2.1)
    i18n (0.9.1)
      concurrent-ruby (~> 1.0)
    method_source (0.9.0)
    minitest (5.10.3)
    pry (0.11.3)
      coderay (~> 1.1.0)
      method_source (~> 0.9.0)
    rack (2.0.3)
    sequel (5.14.0)
    shopify_api (4.9.0)
      activeresource (>= 3.0.0)
      rack
    sqlite3 (1.3.13)
    thread_safe (0.3.6)
    tzinfo (1.2.4)
      thread_safe (~> 0.1)

PLATFORMS
  ruby

DEPENDENCIES
  awesome_print
  dotenv
  pry
  sequel
  shopify_api
  sqlite3

BUNDLED WITH
   1.17.1
